GIT
  remote: https://github.com/johnbintz/guard-rocco.git
  revision: 432b648d9ec4e52eef6ffaaad568b32c82e4e234
  specs:
    guard-rocco (0.1.0)
      guard (>= 0.4.0)
      rocco

GIT
  remote: https://github.com/rtomayko/rocco.git
  revision: 727c510d635ba3b6fcf18caf3b0f89e16ef7e8f3
  specs:
    rocco (0.8.2)
      mustache
      redcarpet (~> 1.17)

GEM
  remote: http://rubygems.org/
  specs:
    addressable (2.2.8)
    coffee-script (2.2.0)
      coffee-script-source
      execjs
    coffee-script-source (1.3.1)
    em-websocket (0.3.6)
      addressable (>= 2.1.1)
      eventmachine (>= 0.12.9)
    eventmachine (0.12.10)
    execjs (1.3.2)
      multi_json (~> 1.0)
    ffi (1.0.11)
    guard (1.0.2)
      ffi (>= 0.5.0)
      thor (~> 0.14.6)
    guard-coffeescript (0.6.0)
      coffee-script (>= 2.2.0)
      guard (>= 0.8.3)
    guard-livereload (0.4.2)
      em-websocket (>= 0.2.0)
      guard (>= 0.10.0)
      multi_json (~> 1.0)
    guard-sass (0.6.0)
      guard (>= 0.4.0)
      sass (>= 3.1)
    multi_json (1.3.4)
    mustache (0.99.4)
    rb-fsevent (0.9.1)
    redcarpet (1.17.2)
    sass (3.1.17)
    thor (0.14.6)
    yajl-ruby (1.1.0)

PLATFORMS
  ruby

DEPENDENCIES
  coffee-script
  guard
  guard-coffeescript
  guard-livereload
  guard-rocco!
  guard-sass
  rb-fsevent
  rocco!
  sass
  yajl-ruby
